GEM
  remote: https://rubygems.org/
  specs:
    idn-ruby (0.1.0)

PLATFORMS
  ruby

DEPENDENCIES
  idn-ruby

BUNDLED WITH
   1.17.1
